GEM
  remote: https://rubygems.org/
  specs:
    base64 (0.2.0)
    diff-lcs (1.6.0)
    event_stream_parser (1.0.0)
    faraday (2.12.2)
      faraday-net_http (>= 2.0, < 3.5)
      json
      logger
    faraday-multipart (1.1.0)
      multipart-post (~> 2.0)
    faraday-net_http (3.4.0)
      net-http (>= 0.5.0)
    faraday-retry (2.2.1)
      faraday (~> 2.0)
    json (2.10.2)
    logger (1.6.6)
    multipart-post (2.4.1)
    net-http (0.6.0)
      uri
    rspec (3.13.0)
      rspec-core (~> 3.13.0)
      rspec-expectations (~> 3.13.0)
      rspec-mocks (~> 3.13.0)
    rspec-core (3.13.3)
      rspec-support (~> 3.13.0)
    rspec-expectations (3.13.3)
      diff-lcs (>= 1.2.0, < 2.0)
      rspec-support (~> 3.13.0)
    rspec-mocks (3.13.2)
      diff-lcs (>= 1.2.0, < 2.0)
      rspec-support (~> 3.13.0)
    rspec-support (3.13.2)
    ruby_llm (1.0.0)
      event_stream_parser (~> 1)
      faraday (~> 2)
      faraday-multipart (~> 1)
      faraday-retry (~> 2)
      zeitwerk (~> 2)
    thor (1.3.2)
    uri (1.0.3)
    zeitwerk (2.7.2)

PLATFORMS
  arm64-darwin-23
  ruby

DEPENDENCIES
  base64
  rspec (~> 3.10)
  ruby_llm
  thor

BUNDLED WITH
   2.6.5
